GEM
  remote: https://rubygems.org/
  specs:
    coderay (1.1.3)
    method_source (0.9.2)
    mini_portile2 (2.8.0)
    nokogiri (1.13.9)
      mini_portile2 (~> 2.8.0)
      racc (~> 1.4)
    nokogiri (1.13.9-x64-mingw32)
      racc (~> 1.4)
    pry (0.12.2)
      coderay (~> 1.1.0)
      method_source (~> 0.9.0)
    racc (1.6.0)
    roo (2.8.3)
      nokogiri (~> 1)
      rubyzip (>= 1.3.0, < 3.0.0)
    rubyzip (2.3.0)

PLATFORMS
  ruby
  x64-mingw32

DEPENDENCIES
  nokogiri (~> 1.13)
  pry (~> 0.12.2)
  roo (~> 2.8.0)

RUBY VERSION
   ruby 2.7.1p83

BUNDLED WITH
   2.1.4
